GEM
  remote: https://rubygems.org/
  specs:
    awesome_print (1.9.2)
    docile (1.3.5)
    ffi (1.15.0)
    hocr_reader (0.2.1)
      nokogiri (~> 1.10.10)
    mini_portile2 (2.4.0)
    minitest (5.14.4)
    mocha (1.12.0)
    nokogiri (1.10.10)
      mini_portile2 (~> 2.4.0)
    rake (13.0.3)
    rdoc (6.3.0)
    simplecov (0.21.2)
      docile (~> 1.1)
      simplecov-html (~> 0.11)
      simplecov_json_formatter (~> 0.1)
    simplecov-html (0.12.3)
    simplecov_json_formatter (0.1.2)

PLATFORMS
  ruby

DEPENDENCIES
  awesome_print
  ffi
  hocr_reader
  minitest
  mocha
  nokogiri
  rake
  rdoc
  simplecov

BUNDLED WITH
   2.1.4
