GEM
  remote: https://rubygems.org/
  specs:
    awesome_print (1.9.2)
    docile (1.4.0)
    ffi (1.15.5)
    hocr_reader (1.3.1)
      nokogiri (~> 1.13.3)
    minitest (5.16.3)
    mocha (1.14.0)
    nokogiri (1.13.8-x86_64-linux)
      racc (~> 1.4)
    psych (4.0.5)
      stringio
    racc (1.6.0)
    rake (13.0.6)
    rdoc (6.4.0)
      psych (>= 4.0.0)
    simplecov (0.21.2)
      docile (~> 1.1)
      simplecov-html (~> 0.11)
      simplecov_json_formatter (~> 0.1)
    simplecov-html (0.12.3)
    simplecov_json_formatter (0.1.4)
    stringio (3.0.2)

PLATFORMS
  x86_64-linux

DEPENDENCIES
  awesome_print
  ffi
  hocr_reader
  minitest (~> 5.0)
  mocha (~> 1.14.0)
  nokogiri (~> 1.13.8)
  rake
  rdoc
  simplecov

BUNDLED WITH
   2.3.12
