GEM
  remote: https://rubygems.org/
  specs:
    awesome_print (1.9.2)
    docile (1.4.0)
    ffi (1.15.1)
    hocr_reader (1.1.0)
      nokogiri (~> 1.11.1)
    mini_portile2 (2.5.1)
    minitest (5.14.4)
    mocha (1.12.0)
    nokogiri (1.11.5)
      mini_portile2 (~> 2.5.0)
      racc (~> 1.4)
    racc (1.5.2)
    rake (13.0.3)
    rdoc (6.3.1)
    simplecov (0.21.2)
      docile (~> 1.1)
      simplecov-html (~> 0.11)
      simplecov_json_formatter (~> 0.1)
    simplecov-html (0.12.3)
    simplecov_json_formatter (0.1.3)

PLATFORMS
  ruby

DEPENDENCIES
  awesome_print
  ffi
  hocr_reader
  minitest
  mocha
  nokogiri
  rake
  rdoc
  simplecov

BUNDLED WITH
   2.2.17
