GEM
  remote: https://rubygems.org/
  specs:
    awesome_print (1.8.0)
    docile (1.3.2)
    ffi (1.13.1)
    mini_portile2 (2.4.0)
    minitest (5.14.1)
    mocha (1.11.2)
    nokogiri (1.10.10)
      mini_portile2 (~> 2.4.0)
    rake (13.0.1)
    rdoc (6.2.1)
    simplecov (0.18.5)
      docile (~> 1.1)
      simplecov-html (~> 0.11)
    simplecov-html (0.12.2)

PLATFORMS
  ruby

DEPENDENCIES
  awesome_print
  ffi
  minitest
  mocha
  nokogiri
  rake
  rdoc
  simplecov

BUNDLED WITH
   2.1.4
